GEM
  remote: https://rubygems.org/
  specs:
    connection_pool (2.4.1)
    redis (5.0.6)
      redis-client (>= 0.9.0)
    redis-client (0.14.1)
      connection_pool

PLATFORMS
  x86_64-darwin-20
  x86_64-darwin-22

DEPENDENCIES
  redis

BUNDLED WITH
   2.3.8
